GEM
  remote: https://rubygems.org/
  specs:
    rake (10.4.2)
    rb-fsevent (0.9.4)

PLATFORMS
  ruby

DEPENDENCIES
  rake (>= 10.1.0)
  rb-fsevent
